GEM
  remote: http://rubygems.org/
  specs:
    Saikuro (1.1.0)
    abstract (1.0.0)
    actionmailer (3.0.5)
      actionpack (= 3.0.5)
      mail (~> 2.2.15)
    actionpack (3.0.5)
      activemodel (= 3.0.5)
      activesupport (= 3.0.5)
      builder (~> 2.1.2)
      erubis (~> 2.6.6)
      i18n (~> 0.4)
      rack (~> 1.2.1)
      rack-mount (~> 0.6.13)
      rack-test (~> 0.5.7)
      tzinfo (~> 0.3.23)
    activemodel (3.0.5)
      activesupport (= 3.0.5)
      builder (~> 2.1.2)
      i18n (~> 0.4)
    activerecord (3.0.5)
      activemodel (= 3.0.5)
      activesupport (= 3.0.5)
      arel (~> 2.0.2)
      tzinfo (~> 0.3.23)
    activeresource (3.0.5)
      activemodel (= 3.0.5)
      activesupport (= 3.0.5)
    activesupport (3.0.5)
    addressable (2.2.4)
    annotate (2.4.0)
    archive-tar-minitar (0.5.2)
    arel (2.0.9)
    arrayfields (4.7.4)
    bcrypt-ruby (2.1.4)
    builder (2.1.2)
    bullet (2.0.1)
      uniform_notifier (~> 1.0.0)
    capybara (0.4.1.2)
      celerity (>= 0.7.9)
      culerity (>= 0.2.4)
      mime-types (>= 1.16)
      nokogiri (>= 1.3.3)
      rack (>= 1.0.0)
      rack-test (>= 0.5.4)
      selenium-webdriver (>= 0.0.27)
      xpath (~> 0.1.3)
    celerity (0.8.8)
    childprocess (0.1.7)
      ffi (~> 0.6.3)
    chronic (0.2.3)
      hoe (>= 1.2.1)
    churn (0.0.13)
      chronic (>= 0.2.3)
      hirb
      json_pure
      main
      ruby_parser (~> 2.0.4)
      sexp_processor (~> 3.0.3)
    colored (1.2)
    columnize (0.3.2)
    configuration (1.2.0)
    culerity (0.2.15)
    daemons (1.1.0)
    dalli (1.0.2)
    database_cleaner (0.6.5)
    devise (1.2.rc)
      bcrypt-ruby (~> 2.1.2)
      orm_adapter (~> 0.0.2)
      warden (~> 1.0.2)
    diff-lcs (1.1.2)
    erubis (2.6.6)
      abstract (>= 1.0.0)
    eventmachine (0.12.10)
    factory_girl (2.0.0.beta2)
    factory_girl_rails (1.1.beta1)
      factory_girl (~> 2.0.0.beta)
      rails (>= 3.0.0)
    fakeweb (1.3.0)
    faraday (0.5.7)
      addressable (~> 2.2.4)
      multipart-post (~> 1.1.0)
      rack (< 2, >= 1.1.0)
    fattr (2.2.0)
    ffaker (1.4.0)
    ffi (0.6.3)
      rake (>= 0.8.7)
    flay (1.4.2)
      ruby_parser (~> 2.0)
      sexp_processor (~> 3.0)
    flog (2.5.1)
      ruby_parser (~> 2.0)
      sexp_processor (~> 3.0)
    guard (0.3.0)
      open_gem (~> 1.4.2)
      thor (~> 0.14.6)
    guard-spork (0.1.4)
      guard (>= 0.2.2)
      spork (>= 0.8.4)
    haml (3.0.25)
    haml-rails (0.3.4)
      actionpack (~> 3.0)
      activesupport (~> 3.0)
      haml (~> 3.0)
      railties (~> 3.0)
    hirb (0.4.0)
    hoe (2.9.1)
      rake (>= 0.8.7)
    hoptoad_notifier (2.4.7)
      activesupport
      builder
    i18n (0.5.0)
    infinity_test (1.0.2)
      notifiers (>= 1.1.0)
      watchr (>= 0.7)
    interactive_editor (0.0.6)
      spoon (>= 0.0.1)
    jquery-rails (0.2.7)
      rails (~> 3.0)
      thor (~> 0.14.4)
    json (1.4.6)
    json_pure (1.5.1)
    koala (1.0.0.beta2)
      json (>= 1.0)
      multipart-post (>= 1.0)
    launchy (0.3.7)
      configuration (>= 0.0.5)
      rake (>= 0.8.1)
    linecache19 (0.5.11)
      ruby_core_source (>= 0.1.4)
    macaddr (1.0.0)
    mail (2.2.15)
      activesupport (>= 2.3.6)
      i18n (>= 0.4.0)
      mime-types (~> 1.16)
      treetop (~> 1.4.8)
    main (4.4.0)
      arrayfields (>= 4.7.4)
      fattr (>= 2.1.0)
    metric_fu (2.0.1)
      Saikuro (>= 1.1.0)
      activesupport (>= 2.0.0)
      chronic (~> 0.2.3)
      churn (>= 0.0.7)
      flay (>= 1.2.1)
      flog (>= 2.2.0)
      rails_best_practices (>= 0.3.16)
      rcov (>= 0.8.3.3)
      reek (>= 1.2.6)
      roodi (>= 2.1.0)
    metrical (0.0.4)
      activesupport
      metric_fu (~> 2.0.1)
    mime-types (1.16)
    mocha (0.9.12)
    multi_json (0.0.5)
    multipart-post (1.1.0)
    net-ldap (0.1.1)
    nokogiri (1.4.4)
    notifiers (1.1.0)
    oa-basic (0.2.0.beta5)
      multi_json (~> 0.0.2)
      nokogiri (~> 1.4.2)
      oa-core (= 0.2.0.beta5)
      rest-client (~> 1.6.0)
    oa-core (0.2.0.beta5)
      rack (~> 1.1)
    oa-enterprise (0.2.0.beta5)
      net-ldap (~> 0.1.1)
      nokogiri (~> 1.4.2)
      oa-core (= 0.2.0.beta5)
      pyu-ruby-sasl (~> 0.0.3.1)
      rubyntlm (~> 0.1.1)
    oa-more (0.2.0.beta5)
      multi_json (~> 0.0.2)
      oa-core (= 0.2.0.beta5)
      rest-client (~> 1.6.0)
    oa-oauth (0.2.0.beta5)
      multi_json (~> 0.0.2)
      nokogiri (~> 1.4.2)
      oa-core (= 0.2.0.beta5)
      oauth (~> 0.4.0)
      oauth2 (~> 0.1.1)
    oa-openid (0.2.0.beta5)
      oa-core (= 0.2.0.beta5)
      rack-openid (~> 1.2.0)
      ruby-openid-apps-discovery
    oauth (0.4.4)
    oauth2 (0.1.1)
      faraday (~> 0.5.0)
      multi_json (~> 0.0.4)
    omniauth (0.2.0.beta5)
      oa-basic (= 0.2.0.beta5)
      oa-core (= 0.2.0.beta5)
      oa-enterprise (= 0.2.0.beta5)
      oa-more (= 0.2.0.beta5)
      oa-oauth (= 0.2.0.beta5)
      oa-openid (= 0.2.0.beta5)
    open_gem (1.4.2)
      launchy (~> 0.3.5)
    orm_adapter (0.0.4)
    pg (0.10.1)
    polyglot (0.3.1)
    pyu-ruby-sasl (0.0.3.2)
    rack (1.2.1)
    rack-mount (0.6.13)
      rack (>= 1.0.0)
    rack-openid (1.2.0)
      rack (>= 1.1.0)
      ruby-openid (>= 2.1.8)
    rack-test (0.5.7)
      rack (>= 1.0)
    rails (3.0.5)
      actionmailer (= 3.0.5)
      actionpack (= 3.0.5)
      activerecord (= 3.0.5)
      activeresource (= 3.0.5)
      activesupport (= 3.0.5)
      bundler (~> 1.0)
      railties (= 3.0.5)
    rails3-generators (0.17.4)
      railties (>= 3.0.0)
    rails_best_practices (0.7.1)
      activesupport
      colored (~> 1.2)
      erubis (~> 2.6.6)
      haml (~> 3.0.18)
      i18n
      ruby-progressbar (~> 0.0.9)
      ruby_parser (~> 2.0.4)
    railties (3.0.5)
      actionpack (= 3.0.5)
      activesupport (= 3.0.5)
      rake (>= 0.8.7)
      thor (~> 0.14.4)
    rake (0.8.7)
    rb-fsevent (0.4.0)
    rcov (0.9.9)
    redis (2.1.1)
    redis-namespace (0.10.0)
      redis (< 3.0.0)
    redisk (0.2.2)
      redis (>= 0.1.1)
      redis-namespace (>= 0.1.0)
    reek (1.2.8)
      ruby2ruby (~> 1.2)
      ruby_parser (~> 2.0)
      sexp_processor (~> 3.0)
    resque (1.13.0)
      json (~> 1.4.6)
      redis-namespace (>= 0.10.0)
      sinatra (>= 0.9.2)
      vegas (~> 0.1.2)
    resque-status (0.2.2)
      redisk (>= 0.2.1)
      resque (>= 1.3.1)
      uuid (>= 2.0.2)
    resque_spec (0.4.3)
      resque (>= 1.6.0)
      rspec (>= 2.5.0)
    rest-client (1.6.1)
      mime-types (>= 1.16)
    roodi (2.1.0)
      ruby_parser
    rspec (2.5.0)
      rspec-core (~> 2.5.0)
      rspec-expectations (~> 2.5.0)
      rspec-mocks (~> 2.5.0)
    rspec-core (2.5.1)
    rspec-expectations (2.5.0)
      diff-lcs (~> 1.1.2)
    rspec-mocks (2.5.0)
    rspec-rails (2.5.0)
      actionpack (~> 3.0)
      activesupport (~> 3.0)
      railties (~> 3.0)
      rspec (~> 2.5.0)
    ruby-debug-base19 (0.11.24)
      columnize (>= 0.3.1)
      linecache19 (>= 0.5.11)
      ruby_core_source (>= 0.1.4)
    ruby-debug19 (0.11.6)
      columnize (>= 0.3.1)
      linecache19 (>= 0.5.11)
      ruby-debug-base19 (>= 0.11.19)
    ruby-growl (3.0)
    ruby-openid (2.1.8)
    ruby-openid-apps-discovery (1.2.0)
      ruby-openid (>= 2.1.7)
    ruby-progressbar (0.0.9)
    ruby2ruby (1.2.5)
      ruby_parser (~> 2.0)
      sexp_processor (~> 3.0)
    ruby_core_source (0.1.4)
      archive-tar-minitar (>= 0.5.2)
    ruby_parser (2.0.6)
      sexp_processor (~> 3.0)
    rubyntlm (0.1.1)
    rubyzip (0.9.4)
    selenium-webdriver (0.1.3)
      childprocess (~> 0.1.5)
      ffi (~> 0.6.3)
      json_pure
      rubyzip
    sexp_processor (3.0.5)
    shoulda-matchers (1.0.0.beta1)
    simplecov (0.4.1)
      simplecov-html (~> 0.4.3)
    simplecov-html (0.4.3)
    sinatra (1.1.3)
      rack (~> 1.1)
      tilt (< 2.0, >= 1.2.2)
    spoon (0.0.1)
    spork (0.9.0.rc4)
    sqlite3 (1.3.3)
    sqlite3-ruby (1.3.3)
      sqlite3 (>= 1.3.3)
    steak (1.1.0)
      rspec (>= 1.3)
    thin (1.2.8)
      daemons (>= 1.0.9)
      eventmachine (>= 0.12.6)
      rack (>= 1.0.0)
    thor (0.14.6)
    tilt (1.2.2)
    treetop (1.4.9)
      polyglot (>= 0.3.1)
    typhoeus (0.2.4)
      mime-types
      mime-types
    tzinfo (0.3.24)
    uniform_notifier (1.0.1)
    uuid (2.3.1)
      macaddr (~> 1.0)
    vegas (0.1.8)
      rack (>= 1.0.0)
    warden (1.0.3)
      rack (>= 1.0.0)
    watchr (0.7)
    will_paginate (3.0.pre2)
    xpath (0.1.3)
      nokogiri (~> 1.3)
    yajl-ruby (0.8.1)

PLATFORMS
  ruby

DEPENDENCIES
  annotate (>= 2.4.0)
  bullet (>= 2.0.1)
  capybara (>= 0.4.1.2)
  dalli (>= 1.0.2)
  database_cleaner (>= 0.6.3)
  devise (>= 1.2.rc)
  factory_girl_rails (>= 1.1.beta1)
  fakeweb (>= 1.3.0)
  ffaker (>= 1.2.0)
  guard-spork (>= 0.1.4)
  haml-rails (>= 0.3.4)
  hoptoad_notifier (>= 2.4.6)
  infinity_test (>= 1.0.2)
  interactive_editor (>= 0.0.6)
  jquery-rails (>= 0.2.7)
  koala (>= 1.0.0.beta)
  launchy (>= 0.3.7)
  metrical (>= 0.0.4)
  mocha (>= 0.9.11)
  omniauth (>= 0.2.0.beta3)
  pg (>= 0.10.1)
  rails (>= 3.0.5)
  rails3-generators (>= 0.17.4)
  rb-fsevent (>= 0.3.10)
  resque (>= 1.13.0)
  resque-status (>= 0.2.2)
  resque_spec (>= 0.4.2)
  rspec-rails (>= 2.5.0)
  ruby-debug19 (>= 0.11.6)
  ruby-growl (>= 3.0)
  shoulda-matchers (>= 1.0.0.beta1)
  simplecov (>= 0.4.1)
  sinatra (= 1.1.3)
  spork (>= 0.9.0.rc3)
  sqlite3-ruby (>= 1.3.3)
  steak (>= 1.1.0)
  thin (>= 1.2.7)
  typhoeus (>= 0.2.1)
  will_paginate (>= 3.0.pre2)
  yajl-ruby (>= 0.8.1)
