GEM
  remote: http://rubygems.org/
  specs:
    abstract (1.0.0)
    actionmailer (3.0.4)
      actionpack (= 3.0.4)
      mail (~> 2.2.15)
    actionpack (3.0.4)
      activemodel (= 3.0.4)
      activesupport (= 3.0.4)
      builder (~> 2.1.2)
      erubis (~> 2.6.6)
      i18n (~> 0.4)
      rack (~> 1.2.1)
      rack-mount (~> 0.6.13)
      rack-test (~> 0.5.7)
      tzinfo (~> 0.3.23)
    activemodel (3.0.4)
      activesupport (= 3.0.4)
      builder (~> 2.1.2)
      i18n (~> 0.4)
    activerecord (3.0.4)
      activemodel (= 3.0.4)
      activesupport (= 3.0.4)
      arel (~> 2.0.2)
      tzinfo (~> 0.3.23)
    activeresource (3.0.4)
      activemodel (= 3.0.4)
      activesupport (= 3.0.4)
    activesupport (3.0.4)
    adapter (0.5.2)
    addressable (2.2.4)
    annotate (2.4.0)
    arel (2.0.8)
    bcrypt-ruby (2.1.4)
    builder (2.1.2)
    capybara (0.4.1.2)
      celerity (>= 0.7.9)
      culerity (>= 0.2.4)
      mime-types (>= 1.16)
      nokogiri (>= 1.3.3)
      rack (>= 1.0.0)
      rack-test (>= 0.5.4)
      selenium-webdriver (>= 0.0.27)
      xpath (~> 0.1.3)
    celerity (0.8.7)
    childprocess (0.1.6)
      ffi (~> 0.6.3)
    configatron (2.6.4)
      yamler (>= 0.1.0)
    cover_me (1.0.0.rc5)
      configatron
      hashie
    culerity (0.2.15)
    daemons (1.1.0)
    dalli (1.0.2)
    devise (1.2.rc)
      bcrypt-ruby (~> 2.1.2)
      orm_adapter (~> 0.0.2)
      warden (~> 1.0.2)
    diff-lcs (1.1.2)
    erubis (2.6.6)
      abstract (>= 1.0.0)
    eventmachine (0.12.10)
    factory_girl (2.0.0.beta1)
    factory_girl_rails (1.1.beta1)
      factory_girl (~> 2.0.0.beta)
      rails (>= 3.0.0)
    fakeweb (1.3.0)
    faraday (0.5.5)
      addressable (~> 2.2.4)
      multipart-post (~> 1.1.0)
      rack (>= 1.1.0, < 2)
    ffaker (1.2.0)
    ffi (0.6.3)
      rake (>= 0.8.7)
    haml (3.0.25)
    haml-rails (0.3.4)
      actionpack (~> 3.0)
      activesupport (~> 3.0)
      haml (~> 3.0)
      railties (~> 3.0)
    hashie (1.0.0)
    i18n (0.5.0)
    jquery-rails (0.2.7)
      rails (~> 3.0)
      thor (~> 0.14.4)
    json (1.4.6)
    json_pure (1.5.1)
    koala (1.0.0.beta)
      json (>= 1.0)
      multipart-post (>= 1.0)
    mail (2.2.15)
      activesupport (>= 2.3.6)
      i18n (>= 0.4.0)
      mime-types (~> 1.16)
      treetop (~> 1.4.8)
    mime-types (1.16)
    mocha (0.9.11)
      rake
    multi_json (0.0.5)
    multipart-post (1.1.0)
    net-ldap (0.1.1)
    nokogiri (1.4.4)
    oa-basic (0.2.0.beta3)
      multi_json (~> 0.0.2)
      nokogiri (~> 1.4.2)
      oa-core (= 0.2.0.beta3)
      rest-client (~> 1.6.0)
    oa-core (0.2.0.beta3)
      rack (~> 1.1)
    oa-enterprise (0.2.0.beta3)
      net-ldap (~> 0.1.1)
      nokogiri (~> 1.4.2)
      oa-core (= 0.2.0.beta3)
      pyu-ruby-sasl (~> 0.0.3.1)
      rubyntlm (~> 0.1.1)
    oa-more (0.2.0.beta3)
      multi_json (~> 0.0.2)
      oa-core (= 0.2.0.beta3)
      rest-client (~> 1.6.0)
    oa-oauth (0.2.0.beta3)
      multi_json (~> 0.0.2)
      nokogiri (~> 1.4.2)
      oa-core (= 0.2.0.beta3)
      oauth (~> 0.4.0)
      oauth2 (~> 0.1.1)
    oa-openid (0.2.0.beta3)
      oa-core (= 0.2.0.beta3)
      rack-openid (~> 1.2.0)
      ruby-openid-apps-discovery
    oauth (0.4.4)
    oauth2 (0.1.1)
      faraday (~> 0.5.0)
      multi_json (~> 0.0.4)
    omniauth (0.2.0.beta3)
      oa-basic (= 0.2.0.beta3)
      oa-core (= 0.2.0.beta3)
      oa-enterprise (= 0.2.0.beta3)
      oa-more (= 0.2.0.beta3)
      oa-oauth (= 0.2.0.beta3)
      oa-openid (= 0.2.0.beta3)
    orm_adapter (0.0.4)
    pg (0.10.1)
    polyglot (0.3.1)
    pyu-ruby-sasl (0.0.3.2)
    rack (1.2.1)
    rack-mount (0.6.13)
      rack (>= 1.0.0)
    rack-openid (1.2.0)
      rack (>= 1.1.0)
      ruby-openid (>= 2.1.8)
    rack-test (0.5.7)
      rack (>= 1.0)
    rails (3.0.4)
      actionmailer (= 3.0.4)
      actionpack (= 3.0.4)
      activerecord (= 3.0.4)
      activeresource (= 3.0.4)
      activesupport (= 3.0.4)
      bundler (~> 1.0)
      railties (= 3.0.4)
    rails3-generators (0.17.4)
      railties (>= 3.0.0)
    railties (3.0.4)
      actionpack (= 3.0.4)
      activesupport (= 3.0.4)
      rake (>= 0.8.7)
      thor (~> 0.14.4)
    rake (0.8.7)
    redis (2.1.1)
    redis-namespace (0.10.0)
      redis (< 3.0.0)
    resque (1.13.0)
      json (~> 1.4.6)
      redis-namespace (>= 0.10.0)
      sinatra (>= 0.9.2)
      vegas (~> 0.1.2)
    resque_spec (0.4.2)
      resque (>= 1.6.0)
      rspec (>= 2.0.0.beta.12)
    rest-client (1.6.1)
      mime-types (>= 1.16)
    rspec (2.5.0)
      rspec-core (~> 2.5.0)
      rspec-expectations (~> 2.5.0)
      rspec-mocks (~> 2.5.0)
    rspec-core (2.5.1)
    rspec-expectations (2.5.0)
      diff-lcs (~> 1.1.2)
    rspec-mocks (2.5.0)
    rspec-rails (2.5.0)
      actionpack (~> 3.0)
      activesupport (~> 3.0)
      railties (~> 3.0)
      rspec (~> 2.5.0)
    ruby-openid (2.1.8)
    ruby-openid-apps-discovery (1.2.0)
      ruby-openid (>= 2.1.7)
    rubyntlm (0.1.1)
    rubyzip (0.9.4)
    selenium-webdriver (0.1.2)
      childprocess (~> 0.1.5)
      ffi (~> 0.6.3)
      json_pure
      rubyzip
    shoulda-matchers (1.0.0.beta1)
    simple_uuid (0.1.2)
    sinatra (1.1.2)
      rack (~> 1.1)
      tilt (~> 1.2)
    sqlite3 (1.3.3)
    sqlite3-ruby (1.3.3)
      sqlite3 (>= 1.3.3)
    steak (1.1.0)
      rspec (>= 1.3)
    thin (1.2.7)
      daemons (>= 1.0.9)
      eventmachine (>= 0.12.6)
      rack (>= 1.0.0)
    thor (0.14.6)
    tilt (1.2.2)
    toystore (0.6.3)
      activemodel (~> 3.0.3)
      activesupport (~> 3.0.3)
      adapter (~> 0.5.1)
      simple_uuid (~> 0.1.1)
    treetop (1.4.9)
      polyglot (>= 0.3.1)
    typhoeus (0.2.1)
      mime-types
    tzinfo (0.3.24)
    vegas (0.1.8)
      rack (>= 1.0.0)
    warden (1.0.3)
      rack (>= 1.0.0)
    xpath (0.1.3)
      nokogiri (~> 1.3)
    yajl-ruby (0.8.1)
    yamler (0.1.0)

PLATFORMS
  ruby

DEPENDENCIES
  annotate (>= 2.4.0)
  capybara (>= 0.4.1.2)
  cover_me (>= 1.0.0.rc5)
  dalli (>= 1.0.2)
  devise (>= 1.2.rc)
  factory_girl_rails (>= 1.1.beta1)
  fakeweb (>= 1.3.0)
  ffaker (>= 1.2.0)
  haml-rails (>= 0.3.4)
  jquery-rails (>= 0.2.7)
  koala (>= 1.0.0.beta)
  mocha (>= 0.9.11)
  omniauth (>= 0.2.0.beta3)
  pg (>= 0.10.1)
  rails (>= 3.0.4)
  rails3-generators (>= 0.17.4)
  resque (>= 1.13.0)
  resque_spec (>= 0.4.2)
  rspec-rails (>= 2.5.0)
  shoulda-matchers (>= 1.0.0.beta1)
  sqlite3-ruby (>= 1.3.3)
  steak (>= 1.1.0)
  thin
  toystore (>= 0.6.3)
  typhoeus (>= 0.2.1)
  yajl-ruby (>= 0.8.1)
